PATH
  remote: .
  specs:
    cg_role_client (0.5.41)
      activemodel (>= 3.0.0)
      activerecord (>= 3.0.0)
      activesupport (>= 3.0.0)
      aspect4r (>= 0.9.1)
      cg_lookup_client (>= 0.5.0)
      cg_service_client (>= 0.5.29)
      rake (= 0.8.7)
      rspec (>= 2.5.0)
      typhoeus (>= 0.2.4)

GEM
  remote: http://rubygems.org/
  remote: http://build.commongroundpublishing.com/gems/
  specs:
    activemodel (3.1.1)
      activesupport (= 3.1.1)
      builder (~> 3.0.0)
      i18n (~> 0.6)
    activerecord (3.1.1)
      activemodel (= 3.1.1)
      activesupport (= 3.1.1)
      arel (~> 2.2.1)
      tzinfo (~> 0.3.29)
    activesupport (3.1.1)
      multi_json (~> 1.0)
    arel (2.2.1)
    aspect4r (0.10.0)
    builder (3.0.0)
    cg_lookup_client (0.5.20)
      activemodel (>= 3.0.0)
      activerecord (>= 3.0.0)
      rake (= 0.8.7)
      rest-client (>= 1.6.3)
      rspec (>= 2.5.0)
    cg_service_client (0.5.39)
      activemodel (>= 3.0.0)
      activesupport (>= 3.0.0)
      cg_lookup_client (~> 0.5.16)
      rake (= 0.8.7)
      rspec (~> 2.5.0)
      typhoeus (>= 0.2.4)
    diff-lcs (1.1.3)
    i18n (0.6.0)
    mime-types (1.17.2)
    multi_json (1.0.3)
    rake (0.8.7)
    rest-client (1.6.7)
      mime-types (>= 1.16)
    rspec (2.5.0)
      rspec-core (~> 2.5.0)
      rspec-expectations (~> 2.5.0)
      rspec-mocks (~> 2.5.0)
    rspec-core (2.5.2)
    rspec-expectations (2.5.0)
      diff-lcs (~> 1.1.2)
    rspec-mocks (2.5.0)
    typhoeus (0.3.2)
      mime-types
    tzinfo (0.3.31)

PLATFORMS
  ruby

DEPENDENCIES
  cg_role_client!
