PATH
  remote: .
  specs:
    cg_role_client (0.5.92)
      activemodel (>= 3.0.0)
      activerecord (>= 3.0.0)
      activesupport (>= 3.0.0)
      aspect4r (>= 0.9.1)
      cg_lookup_client (>= 0.5.0)
      rest-client (>= 1.6.3)

GEM
  remote: http://rubygems.org/
  remote: https://build.commongroundpublishing.com/gems/
  specs:
    activemodel (3.2.13)
      activesupport (= 3.2.13)
      builder (~> 3.0.0)
    activerecord (3.2.13)
      activemodel (= 3.2.13)
      activesupport (= 3.2.13)
      arel (~> 3.0.2)
      tzinfo (~> 0.3.29)
    activesupport (3.2.13)
      i18n (= 0.6.1)
      multi_json (~> 1.0)
    arel (3.0.2)
    aspect4r (0.10.0)
    builder (3.0.4)
    cg_lookup_client (0.5.42)
      activemodel (>= 3.0.0)
      activerecord (>= 3.0.0)
      rest-client (>= 1.6.3)
    diff-lcs (1.1.3)
    i18n (0.6.1)
    mime-types (1.23)
    multi_json (1.7.3)
    rake (0.8.7)
    rest-client (1.6.7)
      mime-types (>= 1.16)
    rspec (2.5.0)
      rspec-core (~> 2.5.0)
      rspec-expectations (~> 2.5.0)
      rspec-mocks (~> 2.5.0)
    rspec-core (2.5.2)
    rspec-expectations (2.5.0)
      diff-lcs (~> 1.1.2)
    rspec-mocks (2.5.0)
    tzinfo (0.3.37)

PLATFORMS
  ruby

DEPENDENCIES
  cg_role_client!
  rake
  rspec (>= 2.5.0)
